GEM
  remote: https://rubygems.org/
  specs:
    curb (0.8.8)
    faraday (0.13.1)
      multipart-post (>= 1.2, < 3)
    faraday_middleware (0.12.2)
      faraday (>= 0.7.4, < 1.0)
    feedjira (1.1.0)
      curb (~> 0.8.1)
      loofah (~> 1.2.1)
      sax-machine (~> 0.2.1)
    foreman (0.84.0)
      thor (~> 0.19.1)
    hashie (3.5.6)
    loofah (1.2.1)
      nokogiri (>= 1.4.4)
    mini_portile2 (2.1.0)
    multi_json (1.12.1)
    multipart-post (2.0.0)
    nokogiri (1.6.8.1)
      mini_portile2 (~> 2.1.0)
    pocket-ruby (0.0.6)
      faraday (>= 0.7)
      faraday_middleware (~> 0.9)
      hashie (>= 0.4.0)
      multi_json (~> 1.0, >= 1.0.3)
    rake (12.0.0)
    sax-machine (0.2.1)
      nokogiri (~> 1.6.0)
    thor (0.19.4)

PLATFORMS
  ruby

DEPENDENCIES
  feedjira (~> 1.1.0)
  foreman
  pocket-ruby
  rake

BUNDLED WITH
   1.15.3
