GEM
  remote: https://rubygems.org/
  specs:
    crass (1.0.6)
    faraday (1.3.0)
      faraday-net_http (~> 1.0)
      multipart-post (>= 1.2, < 3)
      ruby2_keywords
    faraday-net_http (1.0.1)
    faraday_middleware (1.0.0)
      faraday (~> 1.0)
    feedjira (3.1.2)
      loofah (>= 2.3.1)
      sax-machine (>= 1.0)
    foreman (0.87.2)
    httparty (0.18.1)
      mime-types (~> 3.0)
      multi_xml (>= 0.5.2)
    loofah (2.9.1)
      crass (~> 1.0.2)
      nokogiri (>= 1.5.9)
    mime-types (3.3.1)
      mime-types-data (~> 3.2015)
    mime-types-data (3.2021.0225)
    multi_json (1.15.0)
    multi_xml (0.6.0)
    multipart-post (2.1.1)
    nokogiri (1.12.5-x86_64-linux)
      racc (~> 1.4)
    pocket-ruby (0.2.1)
      faraday (>= 0.7)
      faraday_middleware
      multi_json (~> 1.0, >= 1.0.3)
    racc (1.5.2)
    rake (13.0.3)
    ruby2_keywords (0.0.4)
    sax-machine (1.3.2)

PLATFORMS
  x86_64-linux

DEPENDENCIES
  feedjira
  foreman
  httparty
  pocket-ruby
  rake

BUNDLED WITH
   2.2.16
